PATH
  remote: .
  specs:
    karafka-sidekiq-backend (1.4.3)
      karafka (~> 1.4.0)
      sidekiq (>= 4.2)

GEM
  remote: https://rubygems.org/
  specs:
    concurrent-ruby (1.1.9)
    connection_pool (2.2.5)
    delivery_boy (1.1.0)
      king_konf (~> 1.0)
      ruby-kafka (~> 1.0)
    diff-lcs (1.4.4)
    digest-crc (0.6.4)
      rake (>= 12.0.0, < 14.0.0)
    docile (1.4.0)
    dry-configurable (0.13.0)
      concurrent-ruby (~> 1.0)
      dry-core (~> 0.6)
    dry-container (0.9.0)
      concurrent-ruby (~> 1.0)
      dry-configurable (~> 0.13, >= 0.13.0)
    dry-core (0.7.1)
      concurrent-ruby (~> 1.0)
    dry-events (0.3.0)
      concurrent-ruby (~> 1.0)
      dry-core (~> 0.5, >= 0.5)
    dry-inflector (0.2.1)
    dry-initializer (3.0.4)
    dry-logic (1.2.0)
      concurrent-ruby (~> 1.0)
      dry-core (~> 0.5, >= 0.5)
    dry-monitor (0.5.0)
      dry-configurable (~> 0.13, >= 0.13.0)
      dry-core (~> 0.5, >= 0.5)
      dry-events (~> 0.2)
    dry-schema (1.8.0)
      concurrent-ruby (~> 1.0)
      dry-configurable (~> 0.13, >= 0.13.0)
      dry-core (~> 0.5, >= 0.5)
      dry-initializer (~> 3.0)
      dry-logic (~> 1.0)
      dry-types (~> 1.5)
    dry-types (1.5.1)
      concurrent-ruby (~> 1.0)
      dry-container (~> 0.3)
      dry-core (~> 0.5, >= 0.5)
      dry-inflector (~> 0.1, >= 0.1.2)
      dry-logic (~> 1.0, >= 1.0.2)
    dry-validation (1.7.0)
      concurrent-ruby (~> 1.0)
      dry-container (~> 0.7, >= 0.7.1)
      dry-core (~> 0.5, >= 0.5)
      dry-initializer (~> 3.0)
      dry-schema (~> 1.8, >= 1.8.0)
    envlogic (1.1.4)
      dry-inflector (~> 0.1)
    io-console (0.5.9)
    irb (1.3.7)
      reline (>= 0.2.7)
    karafka (1.4.11)
      dry-configurable (~> 0.13)
      dry-inflector (~> 0.2)
      dry-monitor (~> 0.5)
      dry-validation (~> 1.7)
      envlogic (~> 1.1)
      irb (~> 1.3)
      ruby-kafka (>= 1.3.0)
      thor (>= 1.1)
      waterdrop (~> 1.4)
      zeitwerk (~> 2.4)
    king_konf (1.0.0)
    rack (2.2.3)
    rake (13.0.6)
    redis (4.5.1)
    reline (0.2.7)
      io-console (~> 0.5)
    rspec (3.10.0)
      rspec-core (~> 3.10.0)
      rspec-expectations (~> 3.10.0)
      rspec-mocks (~> 3.10.0)
    rspec-core (3.10.1)
      rspec-support (~> 3.10.0)
    rspec-expectations (3.10.1)
      diff-lcs (>= 1.2.0, < 2.0)
      rspec-support (~> 3.10.0)
    rspec-mocks (3.10.2)
      diff-lcs (>= 1.2.0, < 2.0)
      rspec-support (~> 3.10.0)
    rspec-support (3.10.3)
    ruby-kafka (1.4.0)
      digest-crc
    sidekiq (6.3.1)
      connection_pool (>= 2.2.2)
      rack (~> 2.0)
      redis (>= 4.2.0)
    simplecov (0.21.2)
      docile (~> 1.1)
      simplecov-html (~> 0.11)
      simplecov_json_formatter (~> 0.1)
    simplecov-html (0.12.3)
    simplecov_json_formatter (0.1.3)
    thor (1.1.0)
    waterdrop (1.4.4)
      delivery_boy (>= 0.2, < 2.x)
      dry-configurable (~> 0.13)
      dry-monitor (~> 0.5)
      dry-validation (~> 1.7)
      ruby-kafka (>= 1.3.0)
      zeitwerk (~> 2.4)
    zeitwerk (2.5.1)

PLATFORMS
  x86_64-darwin
  x86_64-linux

DEPENDENCIES
  karafka-sidekiq-backend!
  rspec
  simplecov

BUNDLED WITH
   2.2.32
